GEM
  remote: https://rubygems.org/
  specs:
    actioncable (7.1.3.2)
      actionpack (= 7.1.3.2)
      activesupport (= 7.1.3.2)
      nio4r (~> 2.0)
      websocket-driver (>= 0.6.1)
      zeitwerk (~> 2.6)
    actionmailbox (7.1.3.2)
      actionpack (= 7.1.3.2)
      activejob (= 7.1.3.2)
      activerecord (= 7.1.3.2)
      activestorage (= 7.1.3.2)
      activesupport (= 7.1.3.2)
      mail (>= 2.7.1)
      net-imap
      net-pop
      net-smtp
    actionmailer (7.1.3.2)
      actionpack (= 7.1.3.2)
      actionview (= 7.1.3.2)
      activejob (= 7.1.3.2)
      activesupport (= 7.1.3.2)
      mail (~> 2.5, >= 2.5.4)
      net-imap
      net-pop
      net-smtp
      rails-dom-testing (~> 2.2)
    actionpack (7.1.3.2)
      actionview (= 7.1.3.2)
      activesupport (= 7.1.3.2)
      nokogiri (>= 1.8.5)
      racc
      rack (>= 2.2.4)
      rack-session (>= 1.0.1)
      rack-test (>= 0.6.3)
      rails-dom-testing (~> 2.2)
      rails-html-sanitizer (~> 1.6)
    actiontext (7.1.3.2)
      actionpack (= 7.1.3.2)
      activerecord (= 7.1.3.2)
      activestorage (= 7.1.3.2)
      activesupport (= 7.1.3.2)
      globalid (>= 0.6.0)
      nokogiri (>= 1.8.5)
    actionview (7.1.3.2)
      activesupport (= 7.1.3.2)
      builder (~> 3.1)
      erubi (~> 1.11)
      rails-dom-testing (~> 2.2)
      rails-html-sanitizer (~> 1.6)
    activejob (7.1.3.2)
      activesupport (= 7.1.3.2)
      globalid (>= 0.3.6)
    activemodel (7.1.3.2)
      activesupport (= 7.1.3.2)
    activerecord (7.1.3.2)
      activemodel (= 7.1.3.2)
      activesupport (= 7.1.3.2)
      timeout (>= 0.4.0)
    activestorage (7.1.3.2)
      actionpack (= 7.1.3.2)
      activejob (= 7.1.3.2)
      activerecord (= 7.1.3.2)
      activesupport (= 7.1.3.2)
      marcel (~> 1.0)
    activesupport (7.1.3.2)
      base64
      bigdecimal
      concurrent-ruby (~> 1.0, >= 1.0.2)
      connection_pool (>= 2.2.5)
      drb
      i18n (>= 1.6, < 2)
      minitest (>= 5.1)
      mutex_m
      tzinfo (~> 2.0)
    autoprefixer-rails (10.4.7.0)
      execjs (~> 2)
    base64 (0.2.0)
    better_errors (2.10.1)
      erubi (>= 1.0.0)
      rack (>= 0.9.0)
      rouge (>= 1.0.0)
    bigdecimal (3.1.8)
    bindex (0.8.1)
    bootstrap-sass (3.4.1)
      autoprefixer-rails (>= 5.2.1)
      sassc (>= 2.0.0)
    bootstrap3-datetimepicker-rails (4.17.47)
      momentjs-rails (>= 2.8.1)
    builder (3.2.4)
    byebug (11.1.3)
    c3-rails (0.4.18)
    clipboard-rails (1.7.1)
    coderay (1.1.3)
    coffee-rails (5.0.0)
      coffee-script (>= 2.2.0)
      railties (>= 5.2.0)
    coffee-script (2.4.1)
      coffee-script-source
      execjs
    coffee-script-source (1.12.2)
    concurrent-ruby (1.1.10)
    connection_pool (2.4.1)
    crass (1.0.6)
<<<<<<< Updated upstream
    date (3.3.3)
=======
    date (3.3.4)
    drb (2.2.1)
>>>>>>> Stashed changes
    erubi (1.11.0)
    execjs (2.8.1)
    faraday (2.9.0)
      faraday-net_http (>= 2.0, < 3.2)
    faraday-net_http (3.1.0)
      net-http
    ffi (1.15.5)
<<<<<<< Updated upstream
    globalid (1.0.1)
      activesupport (>= 5.0)
=======
    globalid (1.2.1)
      activesupport (>= 6.1)
>>>>>>> Stashed changes
    hashie (5.0.0)
    hub (1.12.4)
    i18n (1.12.0)
      concurrent-ruby (~> 1.0)
    io-console (0.7.2)
    irb (1.13.1)
      rdoc (>= 4.0.0)
      reline (>= 0.4.2)
    jbuilder (2.12.0)
      actionview (>= 5.0.0)
      activesupport (>= 5.0.0)
    jquery-rails (4.6.0)
      rails-dom-testing (>= 1, < 3)
      railties (>= 4.2.0)
      thor (>= 0.14, < 2.0)
    jwt (2.8.1)
      base64
    kaminari (1.2.2)
      activesupport (>= 4.1.0)
      kaminari-actionview (= 1.2.2)
      kaminari-activerecord (= 1.2.2)
      kaminari-core (= 1.2.2)
    kaminari-actionview (1.2.2)
      actionview
      kaminari-core (= 1.2.2)
    kaminari-activerecord (1.2.2)
      activerecord
      kaminari-core (= 1.2.2)
    kaminari-core (1.2.2)
<<<<<<< Updated upstream
    listen (3.8.0)
      rb-fsevent (~> 0.10, >= 0.10.3)
      rb-inotify (~> 0.9, >= 0.9.10)
    loofah (2.19.0)
      crass (~> 1.0.2)
      nokogiri (>= 1.5.9)
    mail (2.8.0.1)
=======
    listen (3.9.0)
      rb-fsevent (~> 0.10, >= 0.10.3)
      rb-inotify (~> 0.9, >= 0.9.10)
    loofah (2.22.0)
      crass (~> 1.0.2)
      nokogiri (>= 1.12.0)
    mail (2.8.1)
>>>>>>> Stashed changes
      mini_mime (>= 0.1.1)
      net-imap
      net-pop
      net-smtp
<<<<<<< Updated upstream
    marcel (1.0.2)
=======
    marcel (1.0.4)
>>>>>>> Stashed changes
    method_source (1.0.0)
    mini_mime (1.1.5)
    mini_portile2 (2.8.0)
    minitest (5.22.3)
    momentjs-rails (2.29.4.1)
      railties (>= 3.1)
<<<<<<< Updated upstream
    multi_xml (0.6.0)
    mysql2 (0.5.4)
    net-imap (0.3.4)
=======
    multi_xml (0.7.1)
      bigdecimal (~> 3.1)
    mutex_m (0.2.0)
    mysql2 (0.5.6)
    net-http (0.4.1)
      uri
    net-imap (0.4.11)
>>>>>>> Stashed changes
      date
      net-protocol
    net-pop (0.1.2)
      net-protocol
<<<<<<< Updated upstream
    net-protocol (0.2.1)
      timeout
    net-smtp (0.3.3)
=======
    net-protocol (0.2.2)
      timeout
    net-smtp (0.5.0)
>>>>>>> Stashed changes
      net-protocol
    nio4r (2.7.3)
    nokogiri (1.14.5)
      mini_portile2 (~> 2.8.0)
      racc (~> 1.4)
    oauth2 (2.0.9)
      faraday (>= 0.17.3, < 3.0)
      jwt (>= 1.0, < 3.0)
      multi_xml (~> 0.5)
      rack (>= 1.2, < 4)
      snaky_hash (~> 2.0)
      version_gem (~> 1.1)
<<<<<<< Updated upstream
    oj (3.13.23)
    omniauth (2.1.0)
=======
    oj (3.16.3)
      bigdecimal (>= 3.0)
    omniauth (2.1.2)
>>>>>>> Stashed changes
      hashie (>= 3.4.6)
      rack (>= 2.2.3)
      rack-protection
    omniauth-google-oauth2 (1.1.2)
      jwt (>= 2.0)
      oauth2 (~> 2.0)
      omniauth (~> 2.0)
      omniauth-oauth2 (~> 1.8)
    omniauth-oauth2 (1.8.0)
      oauth2 (>= 1.4, < 3)
      omniauth (~> 2.0)
    pry (0.14.1)
      coderay (~> 1.1)
      method_source (~> 1.0)
    pry-rails (0.3.9)
      pry (>= 0.10.4)
<<<<<<< Updated upstream
    puma (6.0.2)
=======
    psych (5.1.2)
      stringio
    puma (6.4.2)
>>>>>>> Stashed changes
      nio4r (~> 2.0)
    racc (1.6.0)
    rack (2.2.4)
    rack-health (0.1.2)
      rack (>= 1.2.0)
    rack-protection (3.2.0)
      base64 (>= 0.1.0)
      rack (~> 2.2, >= 2.2.4)
    rack-session (1.0.2)
      rack (< 3)
    rack-test (2.0.2)
      rack (>= 1.3)
<<<<<<< Updated upstream
    rails (7.0.4.1)
      actioncable (= 7.0.4.1)
      actionmailbox (= 7.0.4.1)
      actionmailer (= 7.0.4.1)
      actionpack (= 7.0.4.1)
      actiontext (= 7.0.4.1)
      actionview (= 7.0.4.1)
      activejob (= 7.0.4.1)
      activemodel (= 7.0.4.1)
      activerecord (= 7.0.4.1)
      activestorage (= 7.0.4.1)
      activesupport (= 7.0.4.1)
      bundler (>= 1.15.0)
      railties (= 7.0.4.1)
    rails-dom-testing (2.0.3)
      activesupport (>= 4.2.0)
=======
    rackup (1.0.0)
      rack (< 3)
      webrick
    rails (7.1.3.2)
      actioncable (= 7.1.3.2)
      actionmailbox (= 7.1.3.2)
      actionmailer (= 7.1.3.2)
      actionpack (= 7.1.3.2)
      actiontext (= 7.1.3.2)
      actionview (= 7.1.3.2)
      activejob (= 7.1.3.2)
      activemodel (= 7.1.3.2)
      activerecord (= 7.1.3.2)
      activestorage (= 7.1.3.2)
      activesupport (= 7.1.3.2)
      bundler (>= 1.15.0)
      railties (= 7.1.3.2)
    rails-dom-testing (2.2.0)
      activesupport (>= 5.0.0)
      minitest
>>>>>>> Stashed changes
      nokogiri (>= 1.6)
    rails-html-sanitizer (1.6.0)
      loofah (~> 2.21)
      nokogiri (~> 1.14)
    rails_layout (1.0.42)
<<<<<<< Updated upstream
    railties (7.0.4.1)
      actionpack (= 7.0.4.1)
      activesupport (= 7.0.4.1)
      method_source
=======
    railties (7.1.3.2)
      actionpack (= 7.1.3.2)
      activesupport (= 7.1.3.2)
      irb
      rackup (>= 1.0.0)
>>>>>>> Stashed changes
      rake (>= 12.2)
      thor (~> 1.0, >= 1.2.2)
      zeitwerk (~> 2.6)
    rake (13.2.1)
    rb-fsevent (0.11.2)
    rb-inotify (0.10.1)
      ffi (~> 1.0)
<<<<<<< Updated upstream
    ruby2_keywords (0.0.5)
=======
    rdoc (6.6.3.1)
      psych (>= 4.0.0)
    reline (0.5.6)
      io-console (~> 0.5)
    rouge (4.2.1)
>>>>>>> Stashed changes
    sass-rails (6.0.0)
      sassc-rails (~> 2.1, >= 2.1.1)
    sassc (2.4.0)
      ffi (~> 1.9)
    sassc-rails (2.1.2)
      railties (>= 4.0.0)
      sassc (>= 2.0)
      sprockets (> 3.0)
      sprockets-rails
      tilt
<<<<<<< Updated upstream
    sisimai (4.25.15)
=======
    sisimai (5.0.2)
>>>>>>> Stashed changes
      oj (>= 3.0.0)
    snaky_hash (2.0.1)
      hashie
      version_gem (~> 1.1, >= 1.1.1)
<<<<<<< Updated upstream
    spring (4.1.1)
    spring-watcher-listen (2.1.0)
      listen (>= 2.7, < 4.0)
      spring (>= 4)
    sprockets (4.2.0)
=======
    spring (4.2.1)
    spring-watcher-listen (2.1.0)
      listen (>= 2.7, < 4.0)
      spring (>= 4)
    sprockets (4.2.1)
>>>>>>> Stashed changes
      concurrent-ruby (~> 1.0)
      rack (>= 2.2.4, < 4)
    sprockets-rails (3.4.2)
      actionpack (>= 5.2)
      activesupport (>= 5.2)
      sprockets (>= 3.0.0)
<<<<<<< Updated upstream
    thor (1.2.1)
    tilt (2.0.11)
    timeout (0.3.1)
=======
    stringio (3.1.0)
    thor (1.3.1)
    tilt (2.3.0)
    timeout (0.4.1)
>>>>>>> Stashed changes
    turbolinks (5.2.1)
      turbolinks-source (~> 5.2)
    turbolinks-source (5.2.0)
    tzinfo (2.0.5)
      concurrent-ruby (~> 1.0)
    tzinfo-data (1.2022.7)
      tzinfo (>= 1.0.0)
    uglifier (4.2.0)
      execjs (>= 0.3.0, < 3)
    uri (0.13.0)
    version_gem (1.1.4)
    web-console (4.2.1)
      actionview (>= 6.0.0)
      activemodel (>= 6.0.0)
      bindex (>= 0.4.0)
      railties (>= 6.0.0)
    webrick (1.8.1)
    websocket-driver (0.7.6)
      websocket-extensions (>= 0.1.0)
    websocket-extensions (0.1.5)
    zeitwerk (2.6.1)

PLATFORMS
  ruby

DEPENDENCIES
<<<<<<< Updated upstream
  better_errors
  bootstrap-sass
  bootstrap3-datetimepicker-rails (~> 4.17, >= 4.17.47)
  byebug
  c3-rails
  clipboard-rails
  coffee-rails (~> 5.0)
  hub
  jbuilder (~> 2.11, >= 2.11.5)
  jquery-rails
  kaminari
  listen (~> 3.8)
  momentjs-rails (~> 2.29, >= 2.29.4.1)
  mysql2 (~> 0.5.4)
  omniauth
  omniauth-google-oauth2
  pry-rails
  puma (~> 6.0, >= 6.0.2)
  rack-health
  rails (~> 7.0, >= 7.0.4.1)
  rails_layout
  sass-rails (~> 6.0)
  sisimai (~> 4.25, >= 4.25.15)
  spring
  spring-watcher-listen (~> 2.1)
  turbolinks (~> 5.2, >= 5.2.1)
  tzinfo-data
  uglifier (~> 4.2)
  web-console (~> 4.2)

BUNDLED WITH
   2.4.4
=======
  base64 (~> 0.2.0)
  better_errors (~> 2.10, >= 2.10.1)
  bootstrap-sass (~> 3.4, >= 3.4.1)
  bootstrap3-datetimepicker-rails (~> 4.17, >= 4.17.47)
  byebug (~> 11.1, >= 11.1.3)
  c3-rails (~> 0.4.18)
  clipboard-rails (~> 1.7, >= 1.7.1)
  coffee-rails (~> 5.0)
  hub
  jbuilder (~> 2.12)
  jquery-rails (~> 4.6)
  kaminari (~> 1.2, >= 1.2.2)
  listen (~> 3.9)
  momentjs-rails (~> 2.29, >= 2.29.4.1)
  mutex_m (~> 0.2.0)
  mysql2 (~> 0.5.6)
  omniauth (~> 2.1, >= 2.1.2)
  omniauth-google-oauth2 (~> 1.1, >= 1.1.2)
  pry-rails (~> 0.3.9)
  puma (~> 6.4, >= 6.4.2)
  rack-health (~> 0.1.2)
  rails (~> 7.1, >= 7.1.3.2)
  rails_layout (~> 1.0, >= 1.0.42)
  sass-rails (~> 6.0)
  sisimai (~> 5.0, >= 5.0.2)
  spring (~> 4.2, >= 4.2.1)
  spring-watcher-listen (~> 2.1)
  turbolinks (~> 5.2, >= 5.2.1)
  tzinfo-data (~> 1.2024, >= 1.2024.1)
  uglifier (~> 4.2)
  web-console (~> 4.2, >= 4.2.1)

BUNDLED WITH
   2.5.10
>>>>>>> Stashed changes
